GEM
  remote: https://rubygems.org/
  specs:
    ethon (0.8.0)
      ffi (>= 1.3.0)
    ffi (1.9.10)
    kgio (2.9.1)
    rack (1.5.5)
    rack-protection (1.5.3)
      rack
    raindrops (0.12.0)
    sinatra (1.4.6)
      rack (~> 1.4)
      rack-protection (~> 1.4)
      tilt (>= 1.3, < 3)
    tilt (1.4.1)
    typhoeus (0.8.0)
      ethon (>= 0.8.0)
    unicorn (4.8.2)
      kgio (~> 2.6)
      rack
      raindrops (~> 0.7)

PLATFORMS
  ruby

DEPENDENCIES
  sinatra
  typhoeus
  unicorn
